GEM
  remote: https://rubygems.org/
  specs:
    cmdparse (2.0.6)
    juicer (1.2.0)
      cmdparse
      nokogiri (>= 1.5.0)
      rubyzip (= 0.9.9)
    mime-types (2.3)
    mini_portile (0.6.2)
    nokogiri (1.6.6.2)
      mini_portile (~> 0.6.0)
    rack (1.5.2)
    rack-contrib (1.1.0)
      rack (>= 0.9.1)
    rack-rewrite (1.5.0)
    rubyzip (0.9.9)

PLATFORMS
  ruby

DEPENDENCIES
  juicer
  mime-types
  rack
  rack-contrib
  rack-rewrite
